PATH
  remote: .
  specs:
    ticketmaster-jira (0.0.1)
      jira4r
      ticketmaster

GEM
  remote: http://rubygems.org/
  specs:
    activemodel (3.0.3)
      activesupport (= 3.0.3)
      builder (~> 2.1.2)
      i18n (~> 0.4)
    activeresource (3.0.3)
      activemodel (= 3.0.3)
      activesupport (= 3.0.3)
    activesupport (3.0.3)
    builder (2.1.2)
    diff-lcs (1.1.2)
    hashie (0.3.0)
    httpclient (2.1.5.2)
    i18n (0.4.2)
    jira4r (0.3.0)
      soap4r
    rspec (2.1.0)
      rspec-core (~> 2.1.0)
      rspec-expectations (~> 2.1.0)
      rspec-mocks (~> 2.1.0)
    rspec-core (2.1.0)
    rspec-expectations (2.1.0)
      diff-lcs (~> 1.1.2)
    rspec-mocks (2.1.0)
    soap4r (1.5.8)
      httpclient (>= 2.1.1)
    ticketmaster (0.5.1)
      activeresource (>= 2.3.2)
      activesupport (>= 2.3.2)
      hashie (<= 0.3.0)

PLATFORMS
  ruby

DEPENDENCIES
  rspec (>= 2.0.0)
  ticketmaster-jira!
