GEM
  remote: http://rubygems.org/
  specs:
    activemodel (3.2.2)
      activesupport (= 3.2.2)
      builder (~> 3.0.0)
    activeresource (3.2.2)
      activemodel (= 3.2.2)
      activesupport (= 3.2.2)
    activesupport (3.2.2)
      i18n (~> 0.6)
      multi_json (~> 1.0)
    builder (3.0.0)
    diff-lcs (1.1.3)
    hashie (1.2.0)
    httpclient (2.2.3)
    i18n (0.6.0)
    jira4r-jh (0.4.0)
      soap4r
      soap4r
    multi_json (1.1.0)
    rake (0.9.2.2)
    rcov (1.0.0)
    rspec (2.8.0)
      rspec-core (~> 2.8.0)
      rspec-expectations (~> 2.8.0)
      rspec-mocks (~> 2.8.0)
    rspec-core (2.8.0)
    rspec-expectations (2.8.0)
      diff-lcs (~> 1.1.2)
    rspec-mocks (2.8.0)
    simplecov (0.6.1)
      multi_json (~> 1.0)
      simplecov-html (~> 0.5.3)
    simplecov-html (0.5.3)
    soap4r (1.5.8)
      httpclient (>= 2.1.1)
    ticketmaster (0.6.10)
      activeresource (~> 3.0)
      activesupport (~> 3.0)
      hashie (~> 1.2)

PLATFORMS
  ruby

DEPENDENCIES
  jira4r-jh (~> 0.4)
  rake (~> 0.9.2)
  rcov (~> 1.0)
  rspec (~> 2.8)
  simplecov (~> 0.5)
  ticketmaster (= 0.6.10)
