GEM
  remote: http://rubygems.org/
  specs:
    activemodel (3.2.6)
      activesupport (= 3.2.6)
      builder (~> 3.0.0)
    activeresource (3.2.6)
      activemodel (= 3.2.6)
      activesupport (= 3.2.6)
    activesupport (3.2.6)
      i18n (~> 0.6)
      multi_json (~> 1.0)
    builder (3.0.0)
    diff-lcs (1.1.3)
    fakeweb (1.3.0)
    hashie (1.2.0)
    httpclient (2.2.5)
    i18n (0.6.0)
    jira4r-jh (0.4.0)
      soap4r
      soap4r
    multi_json (1.3.6)
    rake (0.9.2.2)
    rcov (1.0.0)
    rspec (2.10.0)
      rspec-core (~> 2.10.0)
      rspec-expectations (~> 2.10.0)
      rspec-mocks (~> 2.10.0)
    rspec-core (2.10.1)
    rspec-expectations (2.10.0)
      diff-lcs (~> 1.1.3)
    rspec-mocks (2.10.1)
    simplecov (0.6.4)
      multi_json (~> 1.0)
      simplecov-html (~> 0.5.3)
    simplecov-html (0.5.3)
    soap4r (1.5.8)
      httpclient (>= 2.1.1)
    taskmapper (0.8.0)
      activeresource (~> 3.0)
      activesupport (~> 3.0)
      hashie (~> 1.2)

PLATFORMS
  ruby

DEPENDENCIES
  fakeweb (~> 1.3)
  jira4r-jh (~> 0.4)
  rake (~> 0.9.2)
  rcov (~> 1.0)
  rspec (~> 2.8)
  simplecov (~> 0.5)
  taskmapper (~> 0.8)
