GEM
  remote: http://rubygems.org/
  specs:
    activemodel (3.1.1)
      activesupport (= 3.1.1)
      builder (~> 3.0.0)
      i18n (~> 0.6)
    activeresource (3.1.1)
      activemodel (= 3.1.1)
      activesupport (= 3.1.1)
    activesupport (3.1.1)
      multi_json (~> 1.0)
    builder (3.0.0)
    diff-lcs (1.1.3)
    git (1.2.5)
    hashie (1.0.0)
    httpclient (2.2.3)
    i18n (0.6.0)
    jeweler (1.6.4)
      bundler (~> 1.0)
      git (>= 1.2.5)
      rake
    jira4r-jh (0.4.0)
      soap4r
      soap4r
    multi_json (1.0.3)
    rake (0.9.2)
    rspec (2.8.0)
      rspec-core (~> 2.8.0)
      rspec-expectations (~> 2.8.0)
      rspec-mocks (~> 2.8.0)
    rspec-core (2.8.0)
    rspec-expectations (2.8.0)
      diff-lcs (~> 1.1.2)
    rspec-mocks (2.8.0)
    soap4r (1.5.8)
      httpclient (>= 2.1.1)
    ticketmaster (0.6.6)
      activeresource
      activeresource (>= 2.3.2)
      activesupport
      activesupport (>= 2.3.2)
      hashie (= 1.0.0)
      hashie
      jeweler

PLATFORMS
  ruby

DEPENDENCIES
  jira4r-jh (~> 0.4.0)
  rake (= 0.9.2)
  rspec (~> 2.8.0)
  ticketmaster (~> 0.6.0)
